GEM
  remote: https://rubygems.org/
  specs:
    faraday (0.8.7)
      multipart-post (~> 1.1)
    hashie (2.0.3)
    hpricot (0.8.6)
    metaclass (0.0.1)
    mocha (0.13.3)
      metaclass (~> 0.0.1)
    multi_json (1.7.2)
    multipart-post (1.2.0)
    nokogiri (1.5.9)
    sanitize (2.0.3)
      nokogiri (>= 1.4.4, < 1.6)
    simple_oauth (0.2.0)
    twitter (4.6.2)
      faraday (~> 0.8, < 0.10)
      multi_json (~> 1.0)
      simple_oauth (~> 0.2)

PLATFORMS
  ruby

DEPENDENCIES
  hashie
  hpricot
  mocha
  sanitize
  twitter (>= 4.0.0)
